GIT
  remote: https://github.com/cloudfoundry-incubator/buildpack-packager
  revision: f859380942a6187fff465d555405968d4f87e2d2
  specs:
    buildpack-packager (2.3.4)
      activesupport (~> 4.1)
      kwalify (~> 0)
      terminal-table (~> 1.4)

GEM
  specs:
    activesupport (4.1.16)
      i18n (~> 0.6, >= 0.6.9)
      json (~> 1.7, >= 1.7.7)
      minitest (~> 5.1)
      thread_safe (~> 0.1)
      tzinfo (~> 1.1)
    i18n (0.7.0)
    json (1.8.3)
    kwalify (0.7.2)
    minitest (5.10.1)
    terminal-table (1.4.5)
    thread_safe (0.3.5)
    tzinfo (1.2.2)
      thread_safe (~> 0.1)

PLATFORMS
  ruby

DEPENDENCIES
  buildpack-packager!

BUNDLED WITH
   1.13.6
